GEM
  remote: http://rubygems.org/
  specs:
    active_support (3.0.0)
      activesupport (= 3.0.0)
    activesupport (3.0.0)
    chronic (0.6.7)
    diff-lcs (1.1.3)
    hpricot (0.8.6)
    i18n (0.6.0)
    pg (0.13.2)
    progressbar (0.11.0)
    rdiscount (1.6.8)
    rr (1.0.4)
    rspec (2.10.0)
      rspec-core (~> 2.10.0)
      rspec-expectations (~> 2.10.0)
      rspec-mocks (~> 2.10.0)
    rspec-core (2.10.1)
    rspec-expectations (2.10.0)
      diff-lcs (~> 1.1.3)
    rspec-mocks (2.10.1)
    rugged (0.16.0)
    thor (0.14.6)

PLATFORMS
  ruby

DEPENDENCIES
  active_support
  chronic
  hpricot
  i18n
  pg
  progressbar (= 0.11.0)
  rdiscount
  rr (= 1.0.4)
  rspec
  rugged (= 0.16.0)
  thor (= 0.14.6)
